PATH
  remote: .
  specs:
    scalarm_information_service (0.0.1)
      daemons (= 1.1.8)
      sinatra (= 1.3.2)

GEM
  remote: https://rubygems.org/
  specs:
    daemons (1.1.8)
    rack (1.4.1)
    rack-protection (1.2.0)
      rack
    sinatra (1.3.2)
      rack (~> 1.3, >= 1.3.6)
      rack-protection (~> 1.2)
      tilt (~> 1.3, >= 1.3.3)
    tilt (1.3.3)

PLATFORMS
  ruby

DEPENDENCIES
  scalarm_information_service!
